GEM
  remote: http://rubygems.org/
  specs:
    archive-tar-minitar (0.5.2)
    columnize (0.3.2)
    facets (2.9.2)
    linecache19 (0.5.12)
      ruby_core_source (>= 0.1.4)
    rack (1.3.2)
    rack-test (0.6.1)
      rack (>= 1.0)
    ruby-debug-base19 (0.11.25)
      columnize (>= 0.3.1)
      linecache19 (>= 0.5.11)
      ruby_core_source (>= 0.1.4)
    ruby-debug19 (0.11.6)
      columnize (>= 0.3.1)
      linecache19 (>= 0.5.11)
      ruby-debug-base19 (>= 0.11.19)
    ruby_core_source (0.1.5)
      archive-tar-minitar (>= 0.5.2)
    sequel (3.26.0)
    shotgun (0.9)
      rack (>= 1.0)
    sqlite3 (1.3.4)

PLATFORMS
  ruby

DEPENDENCIES
  facets
  rack
  rack-test
  ruby-debug19
  sequel
  shotgun
  sqlite3
